GIT
  remote: git://github.com/makenai/zappos.git
  revision: f8387ccd48787b5103ebb685ed1bdcbbcdb4c070
  specs:
    zappos (0.2.3)
      hashie (~> 1.0.0)
      json (~> 1.4.0)

GEM
  remote: http://rubygems.org/
  specs:
    hashie (1.0.0)
    json (1.4.6)
    nokogiri (1.4.4)
    rack (1.2.2)
    sinatra (1.2.6)
      rack (~> 1.1)
      tilt (< 2.0, >= 1.2.2)
    tilt (1.3)

PLATFORMS
  ruby

DEPENDENCIES
  json
  nokogiri
  sinatra
  zappos!
