GIT
  remote: git://github.com/makenai/zappos.git
  revision: b1be3d7f5de8a1dd879e8da4e3e95ab7a0e4f87d
  specs:
    zappos (0.3.0)
      hashie (~> 1.0.0)
      json (~> 1.4.0)

GEM
  remote: http://rubygems.org/
  specs:
    hashie (1.0.0)
    json (1.4.6)
    nokogiri (1.4.6)
    rack (1.3.0)
    simple_memoize (1.1.2)
    sinatra (1.2.6)
      rack (~> 1.1)
      tilt (< 2.0, >= 1.2.2)
    tilt (1.3.2)

PLATFORMS
  ruby

DEPENDENCIES
  json
  nokogiri
  simple_memoize
  sinatra
  zappos!
